GIT
  remote: https://github.com/sinatra/sinatra-contrib.git
  revision: 563b24200ec8d824b029146d57b5667ef93e10bc
  specs:
    sinatra-contrib (1.3.0)
      backports (>= 2.0)
      eventmachine
      rack-protection
      rack-test
      sinatra (~> 1.3.0)
      tilt (~> 1.3)

GIT
  remote: https://github.com/sinatra/sinatra.git
  revision: f40e43d2b09ebdfa59311a7a85e5548a5759b9f5
  specs:
    sinatra (1.3.0)
      rack (~> 1.3)
      rack-protection (~> 1.0)
      tilt (~> 1.3)

GEM
  remote: http://rubygems.org/
  specs:
    activesupport (3.1.0)
      multi_json (~> 1.0)
    backports (2.3.0)
    coffee-script (2.2.0)
      coffee-script-source
      execjs
    coffee-script-source (1.1.2)
    escape_utils (0.2.3)
    eventmachine (0.12.10)
    execjs (1.2.4)
      multi_json (~> 1.0)
    hike (1.2.1)
    i18n (0.6.0)
    multi_json (1.0.3)
    rack (1.3.2)
    rack-protection (1.0.0)
      escape_utils
      rack
    rack-test (0.6.1)
      rack (>= 1.0)
    redis (2.2.2)
    sass (3.1.7)
    sprockets (2.0.0)
      hike (~> 1.2)
      rack (~> 1.0)
      tilt (!= 1.3.0, ~> 1.1)
    tilt (1.3.3)
    uglifier (1.0.2)
      execjs (>= 0.3.0)
      multi_json (>= 1.0.2)

PLATFORMS
  ruby

DEPENDENCIES
  activesupport
  coffee-script
  i18n
  redis
  sass
  sinatra!
  sinatra-contrib!
  sprockets
  uglifier
